GEM
  remote: https://rubygems.org/
  specs:
    amq-protocol (2.3.2)
    bunny (2.17.0)
      amq-protocol (~> 2.3, >= 2.3.1)
    json (2.3.1)

PLATFORMS
  ruby

DEPENDENCIES
  bunny
  json

BUNDLED WITH
   1.17.3
